GEM
  remote: https://rubygems.org/
  specs:
    activesupport (3.2.11)
      i18n (~> 0.6)
      multi_json (~> 1.0)
    addressable (2.3.2)
    binding_of_caller (0.6.8)
    capybara (2.0.2)
      mime-types (>= 1.16)
      nokogiri (>= 1.3.3)
      rack (>= 1.0.0)
      rack-test (>= 0.5.4)
      selenium-webdriver (~> 2.0)
      xpath (~> 1.0.0)
    capybara-webkit (0.14.1)
      capybara (~> 2.0, >= 2.0.2)
      json
    childprocess (0.3.8)
      ffi (~> 1.0, >= 1.0.11)
    coderay (1.0.8)
    coffee-script (2.2.0)
      coffee-script-source
      execjs
    coffee-script-source (1.4.0)
    diff-lcs (1.1.3)
    execjs (1.4.0)
      multi_json (~> 1.0)
    ffi (1.3.1)
    i18n (0.6.1)
    interception (0.3)
    json (1.7.6)
    launchy (2.2.0)
      addressable (~> 2.3)
    method_source (0.8.1)
    mime-types (1.21)
    multi_json (1.5.0)
    nokogiri (1.5.6)
    pry (0.9.11.4)
      coderay (~> 1.0.5)
      method_source (~> 0.8)
      slop (~> 3.4)
    pry-doc (0.4.4)
      pry (>= 0.9.9.6)
      yard (~> 0.8.1)
    pry-nav (0.2.3)
      pry (~> 0.9.10)
    pry-remote (0.1.6)
      pry (~> 0.9)
      slop (~> 3.0)
    pry-rescue (0.17)
      interception (>= 0.3)
      pry
    pry-stack_explorer (0.4.8)
      binding_of_caller (~> 0.6.8)
      pry (~> 0.9.11)
    rack (1.5.2)
    rack-protection (1.3.2)
      rack
    rack-test (0.6.2)
      rack (>= 1.0)
    rake (0.9.6)
    rake-pipeline (0.7.0)
      json
      rake (~> 0.9.0)
      thor
    rake-pipeline-web-filters (0.7.0)
      rack
      rake-pipeline (~> 0.6)
    rest-client (1.6.7)
      mime-types (>= 1.16)
    rspec (2.12.0)
      rspec-core (~> 2.12.0)
      rspec-expectations (~> 2.12.0)
      rspec-mocks (~> 2.12.0)
    rspec-core (2.12.2)
    rspec-expectations (2.12.1)
      diff-lcs (~> 1.1.3)
    rspec-mocks (2.12.2)
    rubyzip (0.9.9)
    selenium-webdriver (2.29.0)
      childprocess (>= 0.2.5)
      multi_json (~> 1.0)
      rubyzip
      websocket (~> 1.0.4)
    sinatra (1.3.4)
      rack (~> 1.4)
      rack-protection (~> 1.3)
      tilt (~> 1.3, >= 1.3.3)
    slop (3.4.3)
    thor (0.17.0)
    tilt (1.3.3)
    websocket (1.0.7)
    xpath (1.0.0)
      nokogiri (~> 1.3)
    yard (0.8.4.1)

PLATFORMS
  ruby

DEPENDENCIES
  activesupport
  capybara
  capybara-webkit
  coffee-script
  launchy
  pry
  pry-doc
  pry-nav
  pry-remote
  pry-rescue
  pry-stack_explorer
  rake-pipeline
  rake-pipeline-web-filters
  rest-client
  rspec
  sinatra
